PATH
  remote: .
  specs:
    weekly_snippets (0.0.2)

GEM
  remote: https://rubygems.org/
  specs:
    codeclimate-test-reporter (0.4.5)
      simplecov (>= 0.7.1, < 1.0.0)
    docile (1.1.5)
    minitest (5.5.1)
    multi_json (1.10.1)
    rake (10.4.2)
    simplecov (0.9.1)
      docile (~> 1.1.0)
      multi_json (~> 1.0)
      simplecov-html (~> 0.8.0)
    simplecov-html (0.8.0)

PLATFORMS
  ruby

DEPENDENCIES
  bundler (~> 1.7)
  codeclimate-test-reporter
  minitest
  rake (~> 10.0)
  weekly_snippets!
